PATH
  remote: .
  specs:
    minitest-silence (0.2.4)
      minitest (~> 5.12)

GEM
  remote: https://rubygems.org/
  specs:
    ast (2.4.2)
    byebug (11.1.3)
    json (2.7.1)
    language_server-protocol (3.17.0.3)
    minitest (5.22.3)
    parallel (1.24.0)
    parser (3.3.0.5)
      ast (~> 2.4.1)
      racc
    racc (1.7.3)
    rainbow (3.1.1)
    rake (12.3.3)
    regexp_parser (2.9.0)
    rexml (3.3.9)
    rubocop (1.62.1)
      json (~> 2.3)
      language_server-protocol (>= 3.17.0)
      parallel (~> 1.10)
      parser (>= 3.3.0.2)
      rainbow (>= 2.2.2, < 4.0)
      regexp_parser (>= 1.8, < 3.0)
      rexml (>= 3.2.5, < 4.0)
      rubocop-ast (>= 1.31.1, < 2.0)
      ruby-progressbar (~> 1.7)
      unicode-display_width (>= 2.4.0, < 3.0)
    rubocop-ast (1.31.2)
      parser (>= 3.3.0.4)
    rubocop-shopify (2.15.1)
      rubocop (~> 1.51)
    ruby-progressbar (1.13.0)
    unicode-display_width (2.5.0)

PLATFORMS
  ruby

DEPENDENCIES
  byebug
  minitest (~> 5.0)
  minitest-silence!
  rake (~> 12.0)
  rubocop-shopify

BUNDLED WITH
   2.5.7
